GEM
  remote: https://rubygems.org/
  specs:
    bourbon (4.2.1)
      sass (~> 3.4)
      thor
    neat (1.7.1)
      bourbon (>= 4.0)
      sass (>= 3.3)
    sass (3.4.12)
    thor (0.19.1)

PLATFORMS
  ruby

DEPENDENCIES
  bourbon (= 4.2.1)
  neat (= 1.7.1)
  sass (= 3.4.12)
